PATH
  remote: .
  specs:
    name_masker (0.1.1)

GEM
  remote: https://rubygems.org/
  specs:
    minitest (5.14.0)
    minitest-emoji (2.0.0)
    rake (13.0.1)

PLATFORMS
  ruby

DEPENDENCIES
  bundler (~> 2.0)
  minitest (~> 5.0)
  minitest-emoji
  name_masker!
  rake (~> 13.0)

BUNDLED WITH
   2.1.4
